GEM
  remote: https://rubygems.org/
  specs:
    addressable (2.3.7)
    breakpoint (2.4.6)
      sass (~> 3.3.0)
      sassy-maps (< 1.0.0)
    chunky_png (1.3.4)
    compass (1.0.3)
      chunky_png (~> 1.2)
      compass-core (~> 1.0.2)
      compass-import-once (~> 1.0.5)
      rb-fsevent (>= 0.9.3)
      rb-inotify (>= 0.9)
      sass (>= 3.3.13, < 3.5)
    compass-core (1.0.3)
      multi_json (~> 1.0)
      sass (>= 3.3.0, < 3.5)
    compass-import-once (1.0.5)
      sass (>= 3.2, < 3.5)
    css_parser (1.3.6)
      addressable
    ffi (1.9.7)
    multi_json (1.11.0)
    rb-fsevent (0.9.4)
    rb-inotify (0.9.5)
      ffi (>= 0.5.0)
    sass (3.3.14)
    sassy-maps (0.4.0)
      sass (~> 3.3)

PLATFORMS
  ruby
  x64-mingw32
  x86-mingw32

DEPENDENCIES
  breakpoint (~> 2.4.0)
  compass (~> 1.0.3)
  css_parser (~> 1.3.4)
